GEM
  remote: https://rubygems.org/
  specs:
    coderay (1.1.1)
    eventmachine (1.0.9)
    ffi (1.11.1)
    method_source (0.8.2)
    pi_piper (2.0.0)
      eventmachine (= 1.0.9)
      ffi
    pry (0.10.4)
      coderay (~> 1.1.0)
      method_source (~> 0.8.1)
      slop (~> 3.4)
    slop (3.6.0)

PLATFORMS
  ruby

DEPENDENCIES
  pi_piper
  pry

BUNDLED WITH
   1.15.1
